GEM
  remote: http://rubygems.org/
  specs:
    hiredis (0.4.5)

PLATFORMS
  ruby

DEPENDENCIES
  hiredis
